PATH
  remote: .
  specs:
    forgery (0.6.0)

GEM
  remote: https://rubygems.org/
  specs:
    diff-lcs (1.1.3)
    rake (10.1.0)
    rspec (2.6.0)
      rspec-core (~> 2.6.0)
      rspec-expectations (~> 2.6.0)
      rspec-mocks (~> 2.6.0)
    rspec-core (2.6.4)
    rspec-expectations (2.6.0)
      diff-lcs (~> 1.1.2)
    rspec-mocks (2.6.0)

PLATFORMS
  ruby

DEPENDENCIES
  bundler (~> 1.3)
  forgery!
  rake
  rspec
